GEM
  remote: http://rubygems.org/
  specs:
    activerecord (2.3.5)
      activesupport (= 2.3.5)
    activesupport (2.3.5)
    daemons (1.1.0)
    eventmachine (0.12.10)
    fuzzyhash (0.0.11)
    i18n (0.5.0)
    json (1.4.6)
    padrino (0.9.10)
      padrino-admin (= 0.9.10)
      padrino-core (= 0.9.10)
      padrino-gen (= 0.9.10)
      padrino-helpers (= 0.9.10)
      padrino-mailer (= 0.9.10)
    padrino-admin (0.9.10)
      padrino-core (= 0.9.10)
      padrino-gen (= 0.9.10)
      padrino-helpers (= 0.9.10)
    padrino-core (0.9.10)
      activesupport (= 2.3.5)
      bundler (>= 0.9.7)
      i18n (>= 0.3.2)
      sinatra (>= 1.0.0)
      thor (>= 0.13.0)
      usher (>= 0.6.2)
    padrino-gen (0.9.10)
      padrino-core (= 0.9.10)
    padrino-helpers (0.9.10)
      padrino-core (= 0.9.10)
    padrino-mailer (0.9.10)
      padrino-core (= 0.9.10)
      tmail (>= 1.2)
    rack (1.2.1)
    rack-flash (0.1.1)
      rack
    rake (0.8.7)
    sinatra (1.1.3)
      rack (~> 1.1)
      tilt (>= 1.2.2, < 2.0)
    sqlite3 (1.3.3)
    sqlite3-ruby (1.3.3)
      sqlite3 (>= 1.3.3)
    thin (1.2.7)
      daemons (>= 1.0.9)
      eventmachine (>= 0.12.6)
      rack (>= 1.0.0)
    thor (0.14.6)
    tilt (1.2.2)
    tmail (1.2.7.1)
    usher (0.8.3)
      fuzzyhash (>= 0.0.11)

PLATFORMS
  ruby

DEPENDENCIES
  activerecord
  json
  padrino
  rack-flash
  rake
  sqlite3-ruby
  thin
